PATH
  remote: .
  specs:
    google_directions (0.1.6.3)
      nokogiri (>= 1.4.1)

GEM
  remote: https://rubygems.org/
  specs:
    metaclass (0.0.4)
    mini_portile (0.6.0)
    mocha (1.1.0)
      metaclass (~> 0.0.1)
    nokogiri (1.6.3.1)
      mini_portile (= 0.6.0)

PLATFORMS
  ruby

DEPENDENCIES
  google_directions!
  mocha
