PATH
  remote: .
  specs:
    google_directions (0.1.3)
      extlib (>= 0.9.15)
      nokogiri (>= 1.4.1)

GEM
  remote: http://rubygems.org/
  specs:
    extlib (0.9.15)
    nokogiri (1.5.0)

PLATFORMS
  ruby

DEPENDENCIES
  google_directions!
